NUGET
  remote: https://www.nuget.org/api/v2
    bootstrap (3.3.7)
      jQuery (>= 1.9.1 < 4.0)
    FSharp.Core (4.0.0.1)
    FSharp.Data.TypeProviders (5.0.0.2)
      FSharp.Core (>= 3.1.2.5)
    jQuery (3.1)
    Suave (1.1.3)
      FSharp.Core (>= 3.1.2.5)
